GEM
  remote: https://rubygems.org/
  specs:
    ansi (1.5.0)
    builder (3.2.3)
    minitest (5.12.2)
    minitest-reporters (1.4.0)
      ansi
      builder
      minitest (>= 5.0)
      ruby-progressbar
    ruby-progressbar (1.10.1)

PLATFORMS
  ruby

DEPENDENCIES
  minitest (~> 5.10)
  minitest-reporters (~> 1.1)

RUBY VERSION
   ruby 2.2.0p0

BUNDLED WITH
   1.17.0
